GIT
  remote: https://github.com/kesha-antonov/jekyll-slim
  revision: a764d93d987f06fc96da32e6c729e407ef63b164
  specs:
    jekyll-slim (0.10.1)
      jekyll (~> 3.1)
      slim

GIT
  remote: https://github.com/slim-template/slim
  revision: 3c2a7d272664836a78eac3c50eb640ef990ad954
  specs:
    slim (3.0.7)
      temple (~> 0.7.6)
      tilt (>= 1.3.3, < 2.1)

GEM
  remote: https://rubygems.org/
  remote: https://rails-assets.org/
  specs:
    coffee-script (2.4.1)
      coffee-script-source
      execjs
    coffee-script-source (1.10.0)
    colorator (1.1.0)
    execjs (2.7.0)
    ffi (1.9.14)
    forwardable-extended (2.6.0)
    jekyll (3.2.1)
      colorator (~> 1.0)
      jekyll-sass-converter (~> 1.0)
      jekyll-watch (~> 1.1)
      kramdown (~> 1.3)
      liquid (~> 3.0)
      mercenary (~> 0.3.3)
      pathutil (~> 0.9)
      rouge (~> 1.7)
      safe_yaml (~> 1.0)
    jekyll-coffeescript (1.0.1)
      coffee-script (~> 2.2)
    jekyll-sass-converter (1.4.0)
      sass (~> 3.4)
    jekyll-watch (1.5.0)
      listen (~> 3.0, < 3.1)
    kramdown (1.12.0)
    liquid (3.0.6)
    listen (3.0.8)
      rb-fsevent (~> 0.9, >= 0.9.4)
      rb-inotify (~> 0.9, >= 0.9.7)
    mercenary (0.3.6)
    minima (1.2.0)
    pathutil (0.14.0)
      forwardable-extended (~> 2.6)
    rails-assets-csswizardry-grids (2.2.0)
    rails-assets-normalize-css (3.0.2)
    rails-assets-typecsset (0.3.0)
    rails-assets-zepto (1.1.6)
    rails-assets-zeptotouch (1.1.4)
    rb-fsevent (0.9.7)
    rb-inotify (0.9.7)
      ffi (>= 0.5.0)
    rouge (1.11.1)
    safe_yaml (1.0.4)
    sass (3.4.22)
    temple (0.7.7)
    tilt (2.0.5)

PLATFORMS
  ruby

DEPENDENCIES
  jekyll (= 3.2.1)!
  jekyll-coffeescript!
  jekyll-slim!
  minima!
  rails-assets-csswizardry-grids!
  rails-assets-normalize-css!
  rails-assets-typecsset!
  rails-assets-zepto!
  rails-assets-zeptotouch!
  slim!

BUNDLED WITH
   1.13.2
