GEM
  remote: http://rubygems.org/
  specs:
    chunky_png (1.2.5)
    cmdparse (2.0.2)
    compass (0.11.5)
      chunky_png (~> 1.2)
      fssm (>= 0.2.7)
      sass (~> 3.1)
    compass-960-plugin (0.10.4)
      compass (>= 0.10.0)
    fssm (0.2.7)
    haml (3.1.3)
    kramdown (0.10.0)
    rake (0.8.7)
    sass (3.1.10)
    webgen (0.5.14)
      cmdparse (>= 2.0.2)
      kramdown (= 0.10.0)

PLATFORMS
  ruby

DEPENDENCIES
  compass (= 0.11.5)
  compass-960-plugin (= 0.10.4)
  haml
  rake
  webgen
